GEM
  remote: https://rubygems.org/
  specs:
    dummy-git-dependency (1.1.0)

PLATFORMS
  x86_64-linux

DEPENDENCIES
  dummy-git-dependency (= 1.1.0)

BUNDLED WITH
   2.2.22
